PATH
  remote: ../..
  specs:
    fab_tcg_data_ruby (0.1.0)
      activesupport
      value_semantics

GEM
  remote: https://rubygems.org/
  specs:
    activesupport (7.0.2.4)
      concurrent-ruby (~> 1.0, >= 1.0.2)
      i18n (>= 1.6, < 2)
      minitest (>= 5.1)
      tzinfo (~> 2.0)
    concurrent-ruby (1.1.10)
    debug (1.5.0)
      irb (>= 1.3.6)
      reline (>= 0.2.7)
    diff-lcs (1.5.0)
    i18n (1.10.0)
      concurrent-ruby (~> 1.0)
    io-console (0.5.11)
    irb (1.4.1)
      reline (>= 0.3.0)
    minitest (5.15.0)
    rake (13.0.6)
    reline (0.3.1)
      io-console (~> 0.5)
    rspec (3.11.0)
      rspec-core (~> 3.11.0)
      rspec-expectations (~> 3.11.0)
      rspec-mocks (~> 3.11.0)
    rspec-core (3.11.0)
      rspec-support (~> 3.11.0)
    rspec-expectations (3.11.0)
      diff-lcs (>= 1.2.0, < 2.0)
      rspec-support (~> 3.11.0)
    rspec-mocks (3.11.1)
      diff-lcs (>= 1.2.0, < 2.0)
      rspec-support (~> 3.11.0)
    rspec-support (3.11.0)
    tzinfo (2.0.4)
      concurrent-ruby (~> 1.0)
    value_semantics (3.6.1)

PLATFORMS
  x86_64-darwin-20
  x86_64-linux

DEPENDENCIES
  debug
  fab_tcg_data_ruby!
  minitest (~> 5.0)
  rake (~> 13.0)
  rspec

BUNDLED WITH
   2.3.4
